GEM
  remote: https://rubygems.org/
  specs:
    asciidoctor (2.0.7)

PLATFORMS
  ruby

DEPENDENCIES
  asciidoctor

BUNDLED WITH
   1.17.2
